GEM
  remote: http://rubygems.org/
  specs:
    espeak-ruby (0.3.0)
    rack (1.2.2)
    sinatra (1.2.1)
      rack (~> 1.1)
      tilt (>= 1.2.2, < 2.0)
    tilt (1.2.2)

PLATFORMS
  ruby

DEPENDENCIES
  espeak-ruby
  sinatra
